GEM
  remote: https://rubygems.org/
  specs:
    httparty (0.15.6)
      multi_xml (>= 0.5.2)
    multi_xml (0.6.0)
    mustermann (1.0.1)
    rack (2.0.3)
    rack-protection (2.0.0)
      rack
    recursive-open-struct (0.5.0)
    sinatra (2.0.0)
      mustermann (~> 1.0)
      rack (~> 2.0)
      rack-protection (= 2.0.0)
      tilt (~> 2.0)
    tilt (2.0.8)
    yandex-money-sdk (1.0.5)
      httparty (~> 0.13, >= 0.13.1)
      recursive-open-struct (~> 0.5.0)

PLATFORMS
  ruby

DEPENDENCIES
  sinatra
  yandex-money-sdk

BUNDLED WITH
   1.15.3
